GEM
  remote: http://rubygems.org/
  specs:
    activemodel (3.0.3)
      activesupport (= 3.0.3)
      builder (~> 2.1.2)
      i18n (~> 0.4)
    activerecord (3.0.3)
      activemodel (= 3.0.3)
      activesupport (= 3.0.3)
      arel (~> 2.0.2)
      tzinfo (~> 0.3.23)
    activesupport (3.0.3)
    arel (2.0.6)
    builder (2.1.2)
    daemons (1.1.0)
    diff-lcs (1.1.2)
    eventmachine (0.12.10)
    git (1.2.5)
    haml (3.0.24)
    hashie (0.4.0)
    http_router (0.4.1)
      rack (>= 1.0.0)
      url_mount (~> 0.2.1)
    i18n (0.5.0)
    mail (2.2.11)
      activesupport (>= 2.3.6)
      i18n (~> 0.5.0)
      mime-types (~> 1.16)
      treetop (~> 1.4.8)
    mime-types (1.16)
    mini_fb (1.1.6)
      hashie
      rest-client
    padrino (0.9.19)
      padrino-admin (= 0.9.19)
      padrino-core (= 0.9.19)
      padrino-gen (= 0.9.19)
      padrino-helpers (= 0.9.19)
      padrino-mailer (= 0.9.19)
    padrino-admin (0.9.19)
      padrino-core (= 0.9.19)
      padrino-helpers (= 0.9.19)
    padrino-core (0.9.19)
      activesupport (>= 3.0.0)
      http_router (~> 0.4.0)
      sinatra (>= 1.1.0)
      thor (>= 0.14.3)
      tzinfo
    padrino-gen (0.9.19)
      bundler (>= 1.0.2)
      git
      padrino-core (= 0.9.19)
    padrino-helpers (0.9.19)
      i18n (>= 0.4.1)
      padrino-core (= 0.9.19)
    padrino-mailer (0.9.19)
      mail (>= 2.2.0)
      padrino-core (= 0.9.19)
    polyglot (0.3.1)
    rack (1.2.1)
    rack-flash (0.1.1)
      rack
    rack-google-analytics (0.9.2)
    rack-test (0.5.6)
      rack (>= 1.0)
    rake (0.8.7)
    rest-client (1.6.1)
      mime-types (>= 1.16)
    rmagick (2.13.1)
    rspec (2.2.0)
      rspec-core (~> 2.2)
      rspec-expectations (~> 2.2)
      rspec-mocks (~> 2.2)
    rspec-core (2.2.1)
    rspec-expectations (2.2.0)
      diff-lcs (~> 1.1.2)
    rspec-mocks (2.2.0)
    sinatra (1.1.0)
      rack (~> 1.1)
      tilt (~> 1.1)
    sqlite3-ruby (1.3.2)
    thin (1.2.7)
      daemons (>= 1.0.9)
      eventmachine (>= 0.12.6)
      rack (>= 1.0.0)
    thor (0.14.6)
    tilt (1.1)
    treetop (1.4.9)
      polyglot (>= 0.3.1)
    tzinfo (0.3.23)
    url_mount (0.2.1)
      rack

PLATFORMS
  ruby

DEPENDENCIES
  activerecord
  haml
  mini_fb
  padrino (= 0.9.19)
  rack-flash
  rack-google-analytics
  rack-test
  rake
  rmagick
  rspec
  sqlite3-ruby
  thin
